GEM
  remote: https://rubygems.org/
  specs:
    activesupport (5.1.7)
      concurrent-ruby (~> 1.0, >= 1.0.2)
      i18n (>= 0.7, < 2)
      minitest (~> 5.1)
      tzinfo (~> 1.1)
    concurrent-ruby (1.1.6)
    dotenv (2.4.0)
    equatable (0.6.1)
    i18n (1.8.2)
      concurrent-ruby (~> 1.0)
    json (2.1.0)
    minitest (5.14.0)
    neatjson (0.8.4)
    necromancer (0.4.0)
    pastel (0.7.3)
      equatable (~> 0.6)
      tty-color (~> 0.5)
    rubycfn (0.4.10)
      activesupport (~> 5.1.5)
      dotenv (~> 2.4.0)
      json (~> 2.1.0)
      neatjson (~> 0.8.4)
      tty-prompt (~> 0.16.0)
    thread_safe (0.3.6)
    timers (4.3.0)
    tty-color (0.5.1)
    tty-cursor (0.5.0)
    tty-prompt (0.16.1)
      necromancer (~> 0.4.0)
      pastel (~> 0.7.0)
      timers (~> 4.0)
      tty-cursor (~> 0.5.0)
      tty-reader (~> 0.3.0)
    tty-reader (0.3.0)
      tty-cursor (~> 0.5.0)
      tty-screen (~> 0.6.4)
      wisper (~> 2.0.0)
    tty-screen (0.6.5)
    tzinfo (1.2.6)
      thread_safe (~> 0.1)
    wisper (2.0.1)

PLATFORMS
  ruby

DEPENDENCIES
  dotenv (~> 2.4.0)!
  rubycfn (~> 0.4.10)!

BUNDLED WITH
   1.15.4
